PATH
  remote: .
  specs:
    ma_breweries (0.1.2)

GEM
  remote: https://rubygems.org/
  specs:
    coderay (1.1.2)
    gem-release (2.0.1)
    method_source (0.9.2)
    pry (0.12.2)
      coderay (~> 1.1.0)
      method_source (~> 0.9.0)
    rake (10.5.0)

PLATFORMS
  ruby

DEPENDENCIES
  bundler
  gem-release
  ma_breweries!
  pry
  rake

BUNDLED WITH
   1.17.3
